GIT
  remote: git@github.com:gusaaaaa/easyparser.git
  revision: da1b7faf71a2e713fd3e14f0d22fb73e18f871df
  specs:
    easyparser (0.0.5)
      nokogiri (~> 1.6.1)

GEM
  remote: https://rubygems.org/
  specs:
    mini_portile (0.5.3)
    nokogiri (1.6.1)
      mini_portile (~> 0.5.0)

PLATFORMS
  ruby

DEPENDENCIES
  easyparser!
